PATH
  remote: .
  specs:
    naf (2.1.6)
      facter
      jquery-rails
      log4r_remote_syslog_outputter (>= 0.0.1)
      partitioned
      rails (>= 3.2)
      will_paginate

GEM
  remote: https://rubygems.org/
  specs:
    actionmailer (3.2.16)
      actionpack (= 3.2.16)
      mail (~> 2.5.4)
    actionpack (3.2.16)
      activemodel (= 3.2.16)
      activesupport (= 3.2.16)
      builder (~> 3.0.0)
      erubis (~> 2.7.0)
      journey (~> 1.0.4)
      rack (~> 1.4.5)
      rack-cache (~> 1.2)
      rack-test (~> 0.6.1)
      sprockets (~> 2.2.1)
    activemodel (3.2.16)
      activesupport (= 3.2.16)
      builder (~> 3.0.0)
    activerecord (3.2.16)
      activemodel (= 3.2.16)
      activesupport (= 3.2.16)
      arel (~> 3.0.2)
      tzinfo (~> 0.3.29)
    activerecord-redshift-adapter (0.9.8)
      activerecord (>= 3.0.0)
      activesupport (>= 3.0.0)
      arel (>= 3.0.0)
      pg
    activeresource (3.2.16)
      activemodel (= 3.2.16)
      activesupport (= 3.2.16)
    activesupport (3.2.16)
      i18n (~> 0.6, >= 0.6.4)
      multi_json (~> 1.0)
    arel (3.0.3)
    awesome_print (1.2.0)
    aws-sdk (1.23.0)
      json (~> 1.4)
      nokogiri (>= 1.4.4, < 1.6.0)
      uuidtools (~> 2.1)
    builder (3.0.4)
    bulk_data_methods (1.1.2)
      activerecord (>= 3.0.0)
      pg
    coffee-rails (3.2.2)
      coffee-script (>= 2.2.0)
      railties (~> 3.2.0)
    coffee-script (2.2.0)
      coffee-script-source
      execjs
    coffee-script-source (1.6.3)
    diff-lcs (1.2.5)
    erubis (2.7.0)
    execjs (2.0.2)
    facter (1.7.4)
    factory_girl (4.0.0)
      activesupport (>= 3.0.0)
    factory_girl_rails (4.0.0)
      factory_girl (~> 4.0.0)
      railties (>= 3.0.0)
    fiksu-af (1.1.5)
      log4r (= 1.1.10)
      log4r_remote_syslog_outputter (= 0.0.1)
      pg_advisory_locker (>= 0.9.0)
      pg_application_name (>= 1.0.0)
      rails (>= 3.0.0)
      reasonable_log4r (>= 0.9.0)
      rspec-rails (>= 2.12.0)
      uuid
    hike (1.2.3)
    i18n (0.6.9)
    journey (1.0.4)
    jquery-rails (3.0.4)
      railties (>= 3.0, < 5.0)
      thor (>= 0.14, < 2.0)
    jquery-ui-rails (4.0.5)
      railties (>= 3.1.0)
    json (1.8.1)
    log4r (1.1.10)
    log4r_remote_syslog_outputter (0.0.1)
      log4r (>= 1.1.9)
      remote_syslog_logger (>= 1.0.3)
    macaddr (1.6.1)
      systemu (~> 2.5.0)
    mail (2.5.4)
      mime-types (~> 1.16)
      treetop (~> 1.4.8)
    mime-types (1.25.1)
    multi_json (1.8.4)
    nokogiri (1.5.10)
    open4 (1.3.0)
    partitioned (1.3.4)
      activerecord-redshift-adapter
      bulk_data_methods
      pg
    pg (0.17.1)
    pg_advisory_locker (1.1.0)
      pg
      rails (>= 3.0.0)
      rspec-rails
    pg_application_name (1.2.0)
      pg
      rails (>= 3.0.0)
      rspec-rails
    polyglot (0.3.3)
    rack (1.4.5)
    rack-cache (1.2)
      rack (>= 0.4)
    rack-ssl (1.3.3)
      rack
    rack-test (0.6.2)
      rack (>= 1.0)
    rails (3.2.16)
      actionmailer (= 3.2.16)
      actionpack (= 3.2.16)
      activerecord (= 3.2.16)
      activeresource (= 3.2.16)
      activesupport (= 3.2.16)
      bundler (~> 1.0)
      railties (= 3.2.16)
    railties (3.2.16)
      actionpack (= 3.2.16)
      activesupport (= 3.2.16)
      rack-ssl (~> 1.3.2)
      rake (>= 0.8.7)
      rdoc (~> 3.4)
      thor (>= 0.14.6, < 2.0)
    rake (10.1.1)
    rdoc (3.12.2)
      json (~> 1.4)
    reasonable_log4r (1.0.0)
      log4r (= 1.1.10)
      pg
      rails (>= 3.0.0)
      rspec-rails
    remote_syslog_logger (1.0.3)
      syslog_protocol
    rspec-core (2.14.7)
    rspec-expectations (2.14.4)
      diff-lcs (>= 1.1.3, < 2.0)
    rspec-mocks (2.14.4)
    rspec-rails (2.14.1)
      actionpack (>= 3.0)
      activemodel (>= 3.0)
      activesupport (>= 3.0)
      railties (>= 3.0)
      rspec-core (~> 2.14.0)
      rspec-expectations (~> 2.14.0)
      rspec-mocks (~> 2.14.0)
    sass (3.2.12)
    sass-rails (3.2.6)
      railties (~> 3.2.0)
      sass (>= 3.1.10)
      tilt (~> 1.3)
    shoulda-matchers (2.0.0)
      activesupport (>= 3.0.0)
    sprockets (2.2.2)
      hike (~> 1.2)
      multi_json (~> 1.0)
      rack (~> 1.0)
      tilt (~> 1.1, != 1.3.0)
    syslog_protocol (0.9.2)
    systemu (2.5.2)
    thor (0.18.1)
    tilt (1.4.1)
    timecop (0.4.5)
    treetop (1.4.15)
      polyglot
      polyglot (>= 0.3.1)
    tzinfo (0.3.38)
    uglifier (2.2.1)
      execjs (>= 0.3.0)
      multi_json (~> 1.0, >= 1.0.2)
    uuid (2.3.7)
      macaddr (~> 1.0)
    uuidtools (2.1.4)
    will_paginate (3.0.5)
    yajl-ruby (1.1.0)

PLATFORMS
  ruby

DEPENDENCIES
  awesome_print
  aws-sdk
  coffee-rails (~> 3.2.1)
  facter
  factory_girl_rails (~> 4.0.0)
  fiksu-af
  jquery-ui-rails
  naf!
  open4
  pg
  rspec-rails
  sass-rails (~> 3.2.3)
  shoulda-matchers (= 2.0.0)
  timecop (= 0.4.5)
  uglifier (>= 1.0.3)
  will_paginate
  yajl-ruby
